GEM
  remote: https://rubygems.org/
  specs:
    az (2.1.0)
      clipboard (>= 1.4, < 3.0)
      paint (>= 0.9, < 3.0)
      rationalist (~> 2.0)
    cgi (0.4.1)
    characteristics (1.7.1)
      unicode-categories (~> 1.10)
    clipboard (2.0.0)
    erb (4.0.4)
      cgi (>= 0.3.3)
    fileutils (1.7.2)
    paint (2.3.0)
    rationalist (2.0.1)
    symbolify (1.4.1)
      characteristics (>= 0.8, < 2.0)
    unicode-blocks (1.11.0)
    unicode-categories (1.11.0)
    unicode-confusable (1.13.0)
    unicode-display_width (3.2.0)
      unicode-emoji (~> 4.1)
    unicode-emoji (4.1.0)
    unicode-name (1.14.0)
      unicode-types (~> 1.11)
    unicode-numeric_value (1.12.0)
    unicode-scripts (1.12.0)
    unicode-sequence_name (1.16.0)
    unicode-types (1.11.0)
    unicode-x (17.0.0)
      unicode-blocks (>= 1.11, < 2.0)
      unicode-categories (>= 1.11, < 2.0)
      unicode-confusable (>= 1.13, < 2.0)
      unicode-display_width (>= 3.2, < 4.0)
      unicode-emoji (>= 4.1, < 5.0)
      unicode-name (>= 1.14, < 2.0)
      unicode-numeric_value (>= 1.12, < 2.0)
      unicode-scripts (>= 1.12, < 2.0)
      unicode-sequence_name (>= 1.16, < 2.0)
      unicode-types (>= 1.11, < 2.0)

PLATFORMS
  ruby

DEPENDENCIES
  az (~> 2.1)
  characteristics
  erb
  fileutils
  symbolify
  unicode-x (~> 17.0)

BUNDLED WITH
   2.5.19
